PATH
  remote: .
  specs:
    top_books (0.1.0)

GEM
  remote: https://rubygems.org/
  specs:
    coderay (1.1.2)
    method_source (0.9.2)
    mini_portile2 (2.5.1)
    nokogiri (1.11.5)
      mini_portile2 (~> 2.5.0)
      racc (~> 1.4)
    pry (0.12.2)
      coderay (~> 1.1.0)
      method_source (~> 0.9.0)
    racc (1.5.2)
    rake (13.0.3)

PLATFORMS
  ruby

DEPENDENCIES
  bundler (~> 2.0)
  nokogiri
  pry (~> 0.12.2)
  rake (~> 13.0)
  top_books!

BUNDLED WITH
   2.0.1
